GEM
  remote: https://rubygems.org/
  specs:
    base64 (0.1.1)
    faraday (2.7.11)
      base64
      faraday-net_http (>= 2.0, < 3.1)
      ruby2_keywords (>= 0.0.4)
    faraday-net_http (3.0.2)
    ruby2_keywords (0.0.5)
    tomlrb (2.0.3)

PLATFORMS
  x86_64-linux

DEPENDENCIES
  faraday
  tomlrb

BUNDLED WITH
   2.4.10
